GIT
  remote: https://github.com/irohiroki/guard-spork.git
  revision: 599d933dbb0f525a5a89eac91ed9ffaaa7d73f67
  specs:
    guard-spork (0.1.5)
      guard (>= 0.2.2)
      sfl (= 1.2)
      spork (>= 0.8.4)

GEM
  remote: http://gems.github.com/
  remote: http://rubygems.org/
  specs:
    byebug (3.2.0)
      columnize (~> 0.8)
      debugger-linecache (~> 1.2)
    celluloid (0.15.2)
      timers (~> 1.1.0)
    coderay (1.1.0)
    columnize (0.9.0)
    debugger-linecache (1.2.0)
    diff-lcs (1.2.5)
    ffi (1.9.3)
    formatador (0.2.4)
    guard (2.2.4)
      formatador (>= 0.2.4)
      listen (~> 2.1)
      lumberjack (~> 1.0)
      pry (>= 0.9.12)
      thor (>= 0.18.1)
    guard-rspec (4.1.0)
      guard (>= 2.1.1)
      rspec (~> 2.14)
    listen (2.2.0)
      celluloid (>= 0.15.2)
      rb-fsevent (>= 0.9.3)
      rb-inotify (>= 0.9)
    lumberjack (1.0.4)
    method_source (0.8.2)
    pry (0.9.12.4)
      coderay (~> 1.0)
      method_source (~> 0.8)
      slop (~> 3.4)
    rake (10.1.0)
    rb-fsevent (0.9.3)
    rb-inotify (0.9.2)
      ffi (>= 0.5.0)
    rspec (2.14.1)
      rspec-core (~> 2.14.0)
      rspec-expectations (~> 2.14.0)
      rspec-mocks (~> 2.14.0)
    rspec-core (2.14.7)
    rspec-expectations (2.14.4)
      diff-lcs (>= 1.1.3, < 2.0)
    rspec-mocks (2.14.4)
    sfl (1.2)
    slop (3.4.7)
    spork (0.9.2)
    thor (0.18.1)
    timers (1.1.0)
    vpim (13.11.11)

PLATFORMS
  ruby

DEPENDENCIES
  byebug
  guard
  guard-rspec
  guard-spork!
  rake
  rspec
  vpim
